GEM
  remote: https://gem.coop/
  specs:
    addressable (2.8.7)
      public_suffix (>= 2.0.2, < 7.0)
    childprocess (5.1.0)
      logger (~> 1.5)
    flickraw (0.9.10)
    launchy (3.1.1)
      addressable (~> 2.8)
      childprocess (~> 5.0)
      logger (~> 1.6)
    logger (1.7.0)
    public_suffix (6.0.2)
    sqlite3 (2.7.4-x86_64-linux-gnu)

PLATFORMS
  x86_64-linux

DEPENDENCIES
  flickraw
  launchy
  sqlite3

RUBY VERSION
   ruby 3.4.2p28

BUNDLED WITH
   2.7.2
