GEM
  remote: https://rubygems.org/
  specs:
    addressable (2.8.1)
      public_suffix (>= 2.0.2, < 6.0)
    flickraw (0.9.10)
    launchy (2.5.2)
      addressable (~> 2.8)
    public_suffix (5.0.1)
    sqlite3 (1.6.0-x86_64-linux)

PLATFORMS
  x86_64-linux

DEPENDENCIES
  flickraw
  launchy
  sqlite3

BUNDLED WITH
   2.4.3
